PATH
  remote: ../puma
  specs:
    puma (3.12.1)
      nio4r (~> 2.0)

PATH
  remote: ../rails
  specs:
    actioncable (6.0.0.beta3)
      actionpack (= 6.0.0.beta3)
      nio4r (~> 2.0)
      websocket-driver (>= 0.6.1)
    actionmailbox (6.0.0.beta3)
      actionpack (= 6.0.0.beta3)
      activejob (= 6.0.0.beta3)
      activerecord (= 6.0.0.beta3)
      activestorage (= 6.0.0.beta3)
      activesupport (= 6.0.0.beta3)
      mail (>= 2.7.1)
    actionmailer (6.0.0.beta3)
      actionpack (= 6.0.0.beta3)
      actionview (= 6.0.0.beta3)
      activejob (= 6.0.0.beta3)
      mail (~> 2.5, >= 2.5.4)
      rails-dom-testing (~> 2.0)
    actionpack (6.0.0.beta3)
      actionview (= 6.0.0.beta3)
      activesupport (= 6.0.0.beta3)
      rack (~> 2.0)
      rack-test (>= 0.6.3)
      rails-dom-testing (~> 2.0)
      rails-html-sanitizer (~> 1.0, >= 1.0.2)
    actiontext (6.0.0.beta3)
      actionpack (= 6.0.0.beta3)
      activerecord (= 6.0.0.beta3)
      activestorage (= 6.0.0.beta3)
      activesupport (= 6.0.0.beta3)
      nokogiri (>= 1.8.5)
    actionview (6.0.0.beta3)
      activesupport (= 6.0.0.beta3)
      builder (~> 3.1)
      erubi (~> 1.4)
      rails-dom-testing (~> 2.0)
      rails-html-sanitizer (~> 1.0, >= 1.0.3)
    activejob (6.0.0.beta3)
      activesupport (= 6.0.0.beta3)
      globalid (>= 0.3.6)
    activemodel (6.0.0.beta3)
      activesupport (= 6.0.0.beta3)
    activerecord (6.0.0.beta3)
      activemodel (= 6.0.0.beta3)
      activesupport (= 6.0.0.beta3)
    activestorage (6.0.0.beta3)
      actionpack (= 6.0.0.beta3)
      activejob (= 6.0.0.beta3)
      activerecord (= 6.0.0.beta3)
      marcel (~> 0.3.1)
    activesupport (6.0.0.beta3)
      concurrent-ruby (~> 1.0, >= 1.0.2)
      i18n (>= 0.7, < 2)
      minitest (~> 5.1)
      tzinfo (~> 1.1)
      zeitwerk (~> 1.4, >= 1.4.3)
    rails (6.0.0.beta3)
      actioncable (= 6.0.0.beta3)
      actionmailbox (= 6.0.0.beta3)
      actionmailer (= 6.0.0.beta3)
      actionpack (= 6.0.0.beta3)
      actiontext (= 6.0.0.beta3)
      actionview (= 6.0.0.beta3)
      activejob (= 6.0.0.beta3)
      activemodel (= 6.0.0.beta3)
      activerecord (= 6.0.0.beta3)
      activestorage (= 6.0.0.beta3)
      activesupport (= 6.0.0.beta3)
      bundler (>= 1.3.0)
      railties (= 6.0.0.beta3)
      sprockets-rails (>= 2.0.0)
    railties (6.0.0.beta3)
      actionpack (= 6.0.0.beta3)
      activesupport (= 6.0.0.beta3)
      method_source
      rake (>= 0.8.7)
      thor (>= 0.20.3, < 2.0)

GEM
  remote: https://rubygems.org/
  specs:
    bootsnap (1.4.1)
      msgpack (~> 1.0)
    builder (3.2.3)
    byebug (11.0.1)
    coderay (1.1.2)
    concurrent-ruby (1.1.5)
    crass (1.0.4)
    erubi (1.8.0)
    ffi (1.10.0)
    globalid (0.4.2)
      activesupport (>= 4.2.0)
    i18n (1.6.0)
      concurrent-ruby (~> 1.0)
    jbuilder (2.8.0)
      activesupport (>= 4.2.0)
      multi_json (>= 1.2)
    loofah (2.2.3)
      crass (~> 1.0.2)
      nokogiri (>= 1.5.9)
    mail (2.7.1)
      mini_mime (>= 0.1.1)
    marcel (0.3.3)
      mimemagic (~> 0.3.2)
    method_source (0.9.2)
    mimemagic (0.3.3)
    mini_mime (1.0.1)
    mini_portile2 (2.4.0)
    minitest (5.11.3)
    msgpack (1.2.9)
    multi_json (1.13.1)
    nio4r (2.3.1)
    nokogiri (1.10.1)
      mini_portile2 (~> 2.4.0)
    pg (1.1.4)
    pry (0.12.2)
      coderay (~> 1.1.0)
      method_source (~> 0.9.0)
    pry-byebug (3.7.0)
      byebug (~> 11.0)
      pry (~> 0.10)
    rack (2.0.6)
    rack-proxy (0.6.5)
      rack
    rack-test (1.1.0)
      rack (>= 1.0, < 3)
    rails-dom-testing (2.0.3)
      activesupport (>= 4.2.0)
      nokogiri (>= 1.6)
    rails-html-sanitizer (1.0.4)
      loofah (~> 2.2, >= 2.2.2)
    rake (12.3.2)
    rb-fsevent (0.10.3)
    rb-inotify (0.10.0)
      ffi (~> 1.0)
    sass (3.7.3)
      sass-listen (~> 4.0.0)
    sass-listen (4.0.0)
      rb-fsevent (~> 0.9, >= 0.9.4)
      rb-inotify (~> 0.9, >= 0.9.7)
    sass-rails (5.0.7)
      railties (>= 4.0.0, < 6)
      sass (~> 3.1)
      sprockets (>= 2.8, < 4.0)
      sprockets-rails (>= 2.0, < 4.0)
      tilt (>= 1.1, < 3)
    sprockets (3.7.2)
      concurrent-ruby (~> 1.0)
      rack (> 1, < 3)
    sprockets-rails (3.2.1)
      actionpack (>= 4.0)
      activesupport (>= 4.0)
      sprockets (>= 3.0.0)
    thor (0.20.3)
    thread_safe (0.3.6)
    tilt (2.0.9)
    turbolinks (5.2.0)
      turbolinks-source (~> 5.2)
    turbolinks-source (5.2.0)
    tzinfo (1.2.5)
      thread_safe (~> 0.1)
    webpacker (4.0.2)
      activesupport (>= 4.2)
      rack-proxy (>= 0.6.1)
      railties (>= 4.2)
    websocket-driver (0.7.0)
      websocket-extensions (>= 0.1.0)
    websocket-extensions (0.1.3)
    zeitwerk (1.4.3)

PLATFORMS
  ruby

DEPENDENCIES
  bootsnap (>= 1.4.1)
  byebug
  jbuilder (~> 2.5)
  pg
  pry-byebug
  puma!
  rails!
  sass-rails (~> 5.0)
  turbolinks (~> 5)
  tzinfo-data
  webpacker (~> 4.0)

RUBY VERSION
   ruby 2.6.1p33

BUNDLED WITH
   1.17.3
